PATH
  remote: .
  specs:
    capybara-chromedriver-logger (0.1.0)
      net-http-persistent
      selenium-webdriver

GEM
  remote: https://rubygems.org/
  specs:
    childprocess (0.8.0)
      ffi (~> 1.0, >= 1.0.11)
    connection_pool (2.2.1)
    diff-lcs (1.3)
    ffi (1.9.21)
    net-http-persistent (3.0.0)
      connection_pool (~> 2.2)
    rake (10.5.0)
    rspec (3.7.0)
      rspec-core (~> 3.7.0)
      rspec-expectations (~> 3.7.0)
      rspec-mocks (~> 3.7.0)
    rspec-core (3.7.1)
      rspec-support (~> 3.7.0)
    rspec-expectations (3.7.0)
      diff-lcs (>= 1.2.0, < 2.0)
      rspec-support (~> 3.7.0)
    rspec-mocks (3.7.0)
      diff-lcs (>= 1.2.0, < 2.0)
      rspec-support (~> 3.7.0)
    rspec-support (3.7.1)
    rubyzip (1.2.1)
    selenium-webdriver (3.9.0)
      childprocess (~> 0.5)
      rubyzip (~> 1.2)

PLATFORMS
  ruby

DEPENDENCIES
  bundler (~> 1.16)
  capybara-chromedriver-logger!
  rake (~> 10.0)
  rspec (~> 3.0)

BUNDLED WITH
   1.16.0
